GEM
  remote: https://rubygems.org/
  specs:
    activesupport (5.0.0)
      concurrent-ruby (~> 1.0, >= 1.0.2)
      i18n (~> 0.7)
      minitest (~> 5.1)
      tzinfo (~> 1.1)
    addressable (2.4.0)
    byebug (9.0.5)
    colorize (0.8.1)
    concurrent-ruby (1.0.2)
    descendants_tracker (0.0.4)
      thread_safe (~> 0.3, >= 0.3.1)
    discordrb (2.1.3)
      activesupport
      opus-ruby
      rbnacl
      rest-client
      websocket-client-simple (>= 0.3.0)
    domain_name (0.5.20160615)
      unf (>= 0.0.5, < 1.0.0)
    event_emitter (0.2.5)
    faraday (0.9.2)
      multipart-post (>= 1.2, < 3)
    ffi (1.9.14)
    git (1.3.0)
    github_api (0.14.5)
      addressable (~> 2.4.0)
      descendants_tracker (~> 0.0.4)
      faraday (~> 0.8, < 0.10)
      hashie (>= 3.4)
      oauth2 (~> 1.0)
    github_changelog_generator (1.13.1)
      colorize (~> 0.7)
      github_api (~> 0.12)
      rake (>= 10.0)
    hashie (3.4.4)
    http-cookie (1.0.2)
      domain_name (~> 0.5)
    i18n (0.7.0)
    jwt (1.5.4)
    mime-types (3.1)
      mime-types-data (~> 3.2015)
    mime-types-data (3.2016.0521)
    minitest (5.9.0)
    multi_json (1.12.1)
    multi_xml (0.5.5)
    multipart-post (2.0.0)
    netrc (0.11.0)
    oauth2 (1.2.0)
      faraday (>= 0.8, < 0.10)
      jwt (~> 1.0)
      multi_json (~> 1.3)
      multi_xml (~> 0.5)
      rack (>= 1.2, < 3)
    opus-ruby (1.0.1)
      ffi
    rack (2.0.1)
    rake (11.2.2)
    rbnacl (3.4.0)
      ffi
    rest-client (2.0.0)
      http-cookie (>= 1.0.2, < 2.0)
      mime-types (>= 1.16, < 4.0)
      netrc (~> 0.8)
    semantic (1.4.1)
    thread_safe (0.3.5)
    tzinfo (1.2.2)
      thread_safe (~> 0.1)
    unf (0.1.4)
      unf_ext
    unf_ext (0.0.7.2)
    websocket (1.2.3)
    websocket-client-simple (0.3.0)
      event_emitter
      websocket

PLATFORMS
  ruby

DEPENDENCIES
  activesupport
  byebug
  discordrb (~> 2.1, >= 2.1.3)
  git (~> 1.3)
  github_changelog_generator
  semantic

BUNDLED WITH
   1.12.5
